GEM
  remote: https://rubygems.org/
  specs:
    ffi (1.15.0)
    rb-fsevent (0.10.4)
    rb-inotify (0.10.1)
      ffi (~> 1.0)

PLATFORMS
  ruby

DEPENDENCIES
  rb-fsevent
  rb-inotify

BUNDLED WITH
   2.2.11
