GEM
  remote: http://rubygems.org/
  specs:
    ffi (1.0.11)
    rb-fsevent (0.4.3.1)
    rb-inotify (0.8.8)
      ffi (>= 0.5.0)

PLATFORMS
  ruby

DEPENDENCIES
  rb-fsevent
  rb-inotify
